GEM
  remote: https://rubygems.org/
  specs:
    backports (2.6.4)
    dalli (2.2.1)
    eventmachine (1.0.0)
    hashie (1.2.0)
    httmultiparty (0.3.8)
      httparty (>= 0.7.3)
      multipart-post
    httparty (0.9.0)
      multi_json (~> 1.0)
      multi_xml
    multi_json (1.3.6)
    multi_xml (0.5.1)
    multipart-post (1.1.5)
    rack (1.4.1)
    rack-protection (1.2.0)
      rack
    rack-test (0.6.1)
      rack (>= 1.0)
    sinatra (1.3.3)
      rack (~> 1.3, >= 1.3.6)
      rack-protection (~> 1.2)
      tilt (~> 1.3, >= 1.3.3)
    sinatra-contrib (1.3.1)
      backports (>= 2.0)
      eventmachine
      rack-protection
      rack-test
      sinatra (~> 1.3.0)
      tilt (~> 1.3)
    slim (1.3.0)
      temple (~> 0.4.1)
      tilt (~> 1.3.3)
    soundcloud (0.3.0)
      hashie
      httmultiparty (>= 0.3)
      httparty (>= 0.7.3)
    temple (0.4.1)
    tilt (1.3.3)

PLATFORMS
  ruby

DEPENDENCIES
  dalli
  sinatra
  sinatra-contrib
  slim
  soundcloud
