GEM
  remote: https://rubygems.org/
  specs:
    backports (2.6.4)
    chunky_png (1.2.6)
    coderay (1.0.7)
    compass (0.12.2)
      chunky_png (~> 1.2)
      fssm (>= 0.2.7)
      sass (~> 3.1)
    dalli (2.2.1)
    eventmachine (1.0.0)
    fssm (0.2.9)
    hashie (1.2.0)
    httmultiparty (0.3.8)
      httparty (>= 0.7.3)
      multipart-post
    httparty (0.9.0)
      multi_json (~> 1.0)
      multi_xml
    method_source (0.8)
    modular-scale (1.0.2)
      compass (>= 0.11.5)
      sassy-math (>= 1.2)
    multi_json (1.3.6)
    multi_xml (0.5.1)
    multipart-post (1.1.5)
    pry (0.9.10)
      coderay (~> 1.0.5)
      method_source (~> 0.8)
      slop (~> 3.3.1)
    pry-remote (0.1.6)
      pry (~> 0.9)
      slop (~> 3.0)
    rack (1.4.1)
    rack-protection (1.2.0)
      rack
    rack-test (0.6.1)
      rack (>= 1.0)
    rake (0.9.2.2)
    sass (3.2.1)
    sassy-math (1.2)
      compass (~> 0.11)
    sinatra (1.3.3)
      rack (~> 1.3, >= 1.3.6)
      rack-protection (~> 1.2)
      tilt (~> 1.3, >= 1.3.3)
    sinatra-contrib (1.3.1)
      backports (>= 2.0)
      eventmachine
      rack-protection
      rack-test
      sinatra (~> 1.3.0)
      tilt (~> 1.3)
    slim (1.3.0)
      temple (~> 0.4.1)
      tilt (~> 1.3.3)
    slop (3.3.3)
    soundcloud (0.3.0)
      hashie
      httmultiparty (>= 0.3)
      httparty (>= 0.7.3)
    temple (0.4.1)
    tilt (1.3.3)
    zurb-foundation (3.1.0)
      compass (>= 0.12.2)
      modular-scale (>= 1.0.2)
      rake
      sass (>= 3.2.0)

PLATFORMS
  ruby

DEPENDENCIES
  dalli
  pry
  pry-remote
  sinatra
  sinatra-contrib
  slim
  soundcloud
  zurb-foundation
